GEM
  remote: http://rubygems.org/
  specs:
    gfm-preview (1.0.2)
      github-markdown
      github-markup
    github-markdown (0.5.5)
    github-markup (0.7.5)

PLATFORMS
  java

DEPENDENCIES
  gfm-preview
